PATH
  remote: .
  specs:
    rdbi-driver-postgresql (0.9.1)
      epoxy (>= 0.3.1)
      methlab
      pg (>= 0.16.0)
      rdbi

GEM
  remote: https://rubygems.org/
  specs:
    epoxy (0.3.1)
    json (1.8.1)
    methlab (0.1.0)
    pg (0.17.0)
    rdbi (1.1.0)
      epoxy (>= 0.3.1)
      typelib
    rdbi-dbrc (0.1.0)
      rdbi
    rdoc (4.0.1)
      json (~> 1.4)
    test-unit (2.5.5)
    typelib (0.1.0)

PLATFORMS
  ruby

DEPENDENCIES
  rdbi-dbrc
  rdbi-driver-postgresql!
  rdoc
  test-unit
